GEM
  remote: https://rubygems.org/
  specs:
    builder (3.2.2)
    erubis (2.7.0)
    foreman (0.78.0)
      thor (~> 0.19.1)
    haml (4.0.6)
      tilt
    hpricot (0.8.6)
    json (1.8.3)
    puma (2.11.3)
      rack (>= 1.1, < 2.0)
    rack (1.6.2)
    rack-protection (1.5.3)
      rack
    rack-test (0.6.3)
      rack (>= 1.0)
    ruby_parser (3.7.0)
      sexp_processor (~> 4.1)
    sass (3.4.14)
    sexp_processor (4.6.0)
    sinatra (1.4.6)
      rack (~> 1.4)
      rack-protection (~> 1.4)
      tilt (>= 1.3, < 3)
    sinatra-redirect-with-flash (0.2.1)
      sinatra (>= 1.0.0)
    thor (0.19.1)
    tilt (2.0.1)

PLATFORMS
  ruby

DEPENDENCIES
  builder
  erubis
  foreman
  haml
  hpricot
  json
  puma
  rack-test
  ruby_parser
  sass
  sinatra
  sinatra-redirect-with-flash
