GEM
  remote: https://rubygems.org/
  specs:
    builder (3.2.2)
    dotenv (1.0.2)
    erubis (2.7.0)
    foreman (0.77.0)
      dotenv (~> 1.0.2)
      thor (~> 0.19.1)
    haml (4.0.6)
      tilt
    hpricot (0.8.6)
    json (1.8.2)
    kgio (2.9.3)
    rack (1.6.0)
    rack-protection (1.5.3)
      rack
    rack-test (0.6.3)
      rack (>= 1.0)
    raindrops (0.13.0)
    ruby_parser (3.6.3)
      sexp_processor (~> 4.1)
    sass (3.4.9)
    sexp_processor (4.4.4)
    sinatra (1.4.5)
      rack (~> 1.4)
      rack-protection (~> 1.4)
      tilt (~> 1.3, >= 1.3.4)
    sinatra-redirect-with-flash (0.2.1)
      sinatra (>= 1.0.0)
    thor (0.19.1)
    tilt (1.4.1)
    unicorn (4.8.3)
      kgio (~> 2.6)
      rack
      raindrops (~> 0.7)

PLATFORMS
  ruby

DEPENDENCIES
  builder
  erubis
  foreman
  haml
  hpricot
  json
  rack-test
  ruby_parser
  sass
  sinatra
  sinatra-redirect-with-flash
  unicorn
